PATH
  remote: .
  specs:
    synonym_scrapper (0.1.0)
      nokogiri (~> 1.10)

GEM
  remote: https://rubygems.org/
  specs:
    mini_portile2 (2.4.0)
    minitest (5.14.2)
    nokogiri (1.10.10)
      mini_portile2 (~> 2.4.0)
    rake (12.3.3)

PLATFORMS
  ruby

DEPENDENCIES
  minitest (~> 5.0)
  nokogiri (~> 1.10)
  rake (~> 12.0)
  synonym_scrapper!

BUNDLED WITH
   2.1.4
